GEM
  specs:

GEM
  remote: https://rubygems.org/
  specs:
    activesupport (7.0.4.3)
      concurrent-ruby (~> 1.0, >= 1.0.2)
      i18n (>= 1.6, < 2)
      minitest (>= 5.1)
      tzinfo (~> 2.0)
    ansi (1.5.0)
    ast (2.4.2)
    builder (3.2.4)
    byebug (11.1.3)
    coderay (1.1.3)
    concurrent-ruby (1.2.2)
    csv (3.2.6)
    ffi (1.15.5)
    fileutils (1.7.1)
    i18n (1.13.0)
      concurrent-ruby (~> 1.0)
    json (2.6.3)
    language_server-protocol (3.17.0.3)
    listen (3.8.0)
      rb-fsevent (~> 0.10, >= 0.10.3)
      rb-inotify (~> 0.9, >= 0.9.10)
    logger (1.5.3)
    method_source (1.0.0)
    minitest (5.15.0)
    minitest-reporters (1.4.3)
      ansi
      builder
      minitest (>= 5.0)
      ruby-progressbar
    parallel (1.23.0)
    parser (3.2.2.1)
      ast (~> 2.4.1)
    pry (0.14.2)
      coderay (~> 1.1)
      method_source (~> 1.0)
    pry-byebug (3.10.1)
      byebug (~> 11.0)
      pry (>= 0.13, < 0.15)
    rainbow (3.1.1)
    rake (13.0.6)
    rb-fsevent (0.11.2)
    rb-inotify (0.10.1)
      ffi (~> 1.0)
    rbs (3.1.0)
    regexp_parser (2.8.0)
    rexml (3.2.5)
    rubocop (1.29.1)
      parallel (~> 1.10)
      parser (>= 3.1.0.0)
      rainbow (>= 2.2.2, < 4.0)
      regexp_parser (>= 1.8, < 3.0)
      rexml (>= 3.2.5, < 4.0)
      rubocop-ast (>= 1.17.0, < 2.0)
      ruby-progressbar (~> 1.7)
      unicode-display_width (>= 1.4.0, < 3.0)
    rubocop-ast (1.28.1)
      parser (>= 3.2.1.0)
    rubocop-performance (1.13.3)
      rubocop (>= 1.7.0, < 2.0)
      rubocop-ast (>= 0.4.0)
    rubocop-rake (0.6.0)
      rubocop (~> 1.0)
    rubocop-shopify (2.6.0)
      rubocop (~> 1.29)
    ruby-progressbar (1.13.0)
    securerandom (0.2.2)
    standard (1.12.1)
      rubocop (= 1.29.1)
      rubocop-performance (= 1.13.3)
    steep (1.4.0)
      activesupport (>= 5.1)
      concurrent-ruby (>= 1.2.2)
      csv (>= 3.0.9)
      fileutils (>= 1.1.0)
      json (>= 2.1.0)
      language_server-protocol (>= 3.15, < 4.0)
      listen (~> 3.0)
      logger (>= 1.3.0)
      parser (>= 3.1)
      rainbow (>= 2.2.2, < 4.0)
      rbs (>= 2.8.0)
      securerandom (>= 0.1)
      strscan (>= 1.0.0)
      terminal-table (>= 2, < 4)
    strscan (3.0.6)
    terminal-table (3.0.2)
      unicode-display_width (>= 1.1.1, < 3)
    tzinfo (2.0.6)
      concurrent-ruby (~> 1.0)
    unicode-display_width (2.4.2)

PLATFORMS
  arm64-darwin-21
  arm64-darwin-22

DEPENDENCIES
  minitest (~> 5.15.0)!
  minitest-reporters (~> 1.4.3)!
  pry-byebug!
  rake (>= 13.0)!
  rbs!
  rubocop (~> 1.29.0)!
  rubocop-performance!
  rubocop-rake!
  rubocop-shopify!
  standard (~> 1.12.1)!
  steep (~> 1.2)!

BUNDLED WITH
   2.3.26
